GEM
  remote: https://rubygems.org/
  specs:
    nokogiri (1.13.6-arm64-darwin)
      racc (~> 1.4)
    racc (1.6.0)

PLATFORMS
  arm64-darwin-21

DEPENDENCIES
  nokogiri

RUBY VERSION
   ruby 3.0.2p107

BUNDLED WITH
   2.2.22
