GEM
  remote: https://rubygems.org/
  specs:
    mini_portile2 (2.4.0)
    nokogiri (1.10.1)
      mini_portile2 (~> 2.4.0)

PLATFORMS
  ruby

DEPENDENCIES
  nokogiri

RUBY VERSION
   ruby 2.5.3p105

BUNDLED WITH
   1.17.3
